GEM
  remote: https://rubygems.org/
  specs:
    activesupport (4.2.5.2)
      i18n (~> 0.7)
      json (~> 1.7, >= 1.7.7)
      minitest (~> 5.1)
      thread_safe (~> 0.3, >= 0.3.4)
      tzinfo (~> 1.1)
    addressable (2.4.0)
    backports (3.6.8)
    faraday (0.9.2)
      multipart-post (>= 1.2, < 3)
    faraday_middleware (0.10.0)
      faraday (>= 0.7.4, < 0.10)
    geokit (1.10.0)
    hashie (3.4.3)
    htmlentities (4.3.4)
    i18n (0.7.0)
    infoboxer (0.2.3)
      addressable
      backports
      htmlentities
      mediawiktory (>= 0.0.2)
      procme
      terminal-table
    json (1.8.3)
    mediawiktory (0.0.2)
      addressable
      faraday
      faraday_middleware
      hashie
    minitest (5.8.4)
    multipart-post (2.0.0)
    open-weather (0.11.0)
      json
    procme (0.0.3)
    random-word (1.3.0)
    reality (0.0.3)
      geokit
      hashie
      infoboxer (>= 0.2.3)
      open-weather
      ruby-sun-times
      time_boots
      timezone
      tzinfo
    ruby-sun-times (0.1.5)
    terminal-table (1.5.2)
    thread_safe (0.3.5)
    time_boots (0.0.1)
    timezone (0.6.0)
    tzinfo (1.2.2)
      thread_safe (~> 0.1)
    whois (3.6.5)
      activesupport (>= 3)

PLATFORMS
  ruby

DEPENDENCIES
  random-word
  reality
  whois

BUNDLED WITH
   1.10.6
